GEM
  remote: https://rubygems.org/
  specs:
    addressable (2.3.4)
    celluloid (0.14.0)
      timers (>= 1.0.0)
    connection_pool (1.0.0)
    dotenv (0.7.0)
    faraday (0.8.7)
      multipart-post (~> 1.1)
    i18n (0.6.4)
    launchy (2.2.0)
      addressable (~> 2.3)
    letter_opener (1.1.0)
      launchy (~> 2.2.0)
    mail (2.5.3)
      i18n (>= 0.4.0)
      mime-types (~> 1.16)
      treetop (~> 1.4.8)
    mime-types (1.23)
    multi_json (1.7.3)
    multipart-post (1.2.0)
    nokogiri (1.5.9)
    pg (0.15.1)
    polyglot (0.3.3)
    pony (1.4.1)
      mail (> 2.0)
    rake (10.0.3)
    redis (3.0.4)
    redis-namespace (1.3.0)
      redis (~> 3.0.0)
    sequel (3.47.0)
    sidekiq (2.11.2)
      celluloid (>= 0.13.0)
      connection_pool (>= 1.0.0)
      multi_json
      redis (>= 3.0)
      redis-namespace
    sqlite3 (1.3.7)
    timers (1.1.0)
    treetop (1.4.12)
      polyglot
      polyglot (>= 0.3.1)

PLATFORMS
  ruby

DEPENDENCIES
  dotenv
  faraday
  letter_opener
  nokogiri
  pg
  pony
  rake
  sequel
  sidekiq
  sqlite3
