GEM
  remote: https://rubygems.org/
  specs:
    celluloid (0.14.0)
      timers (>= 1.0.0)
    connection_pool (1.0.0)
    dotenv (0.7.0)
    multi_json (1.7.3)
    nokogiri (1.5.9)
    pg (0.15.1)
    redis (3.0.4)
    redis-namespace (1.3.0)
      redis (~> 3.0.0)
    sequel (3.47.0)
    sidekiq (2.11.2)
      celluloid (>= 0.13.0)
      connection_pool (>= 1.0.0)
      multi_json
      redis (>= 3.0)
      redis-namespace
    sqlite3 (1.3.7)
    timers (1.1.0)

PLATFORMS
  ruby

DEPENDENCIES
  dotenv
  nokogiri
  pg
  sequel
  sidekiq
  sqlite3
